GEM
  remote: https://rubygems.org/
  specs:
    erubis (2.7.0)
    foreman (0.78.0)
      thor (~> 0.19.1)
    hiredis (0.6.0)
    kgio (2.9.3)
    rack (1.6.4)
    raindrops (0.15.0)
    redis (3.2.1)
    stackprof (0.2.7)
    thor (0.19.1)
    unicorn (4.9.0)
      kgio (~> 2.6)
      rack
      raindrops (~> 0.7)

PLATFORMS
  ruby

DEPENDENCIES
  erubis
  foreman
  hiredis
  redis
  stackprof
  unicorn

BUNDLED WITH
   1.10.6
